{
	"Modality": "MR",
	"MagneticFieldStrength": 3,
	"ImagingFrequency": 127.712,
	"Manufacturer": "Philips",
	"ManufacturersModelName": "Achieva dStream",
	"InstitutionName": "IMAGERIE CHU GRENOBLE",
	"InstitutionalDepartmentName": "UMS IRMaGe",
	"InstitutionAddress": "Unite IRM 3T Recherche",
	"DeviceSerialNumber": "38235",
	"StationName": "IRMAGE-3T-1",
	"BodyPartExamined": "BRAIN",
	"PatientPosition": "HFP",
	"SoftwareVersions": "5.7.1\\5.7.1.2",
	"MRAcquisitionType": "3D",
	"SeriesDescription": "SAG 256",
	"ProtocolName": "SAG 256",
	"ScanningSequence": "GR",
	"SequenceVariant": "MP",
	"ScanOptions": "SP",
	"ImageType": ["DERIVED", "PRIMARY", "T1", "MAXIMUM"],
	"RawImage": false,
	"SeriesNumber": 305,
	"AcquisitionTime": "12:32:13.293000",
	"AcquisitionNumber": 3,
	"PhilipsRescaleSlope": 3.32674,
	"PhilipsRescaleIntercept": 0,
	"PhilipsScaleSlope": 0.0206128,
	"UsePhilipsFloatNotDisplayScaling": 1,
	"SliceThickness": 1,
	"SpacingBetweenSlices": 1,
	"EchoTime": 0.007323,
	"RepetitionTime": 0.0147884,
	"MTState": false,
	"SpoilingState": true,
	"SpoilingType": "COMBINED",
	"FlipAngle": 8,
	"CoilString": "MULTI COIL",
	"PercentPhaseFOV": 100,
	"PercentSampling": 78.5398,
	"EchoTrainLength": 155,
	"PhaseEncodingSteps": 155,
	"AcquisitionMatrixPE": 155,
	"ReconMatrixPE": 512,
	"ParallelAcquisitionTechnique": "SENSE",
	"ParallelReductionOutOfPlane": 2,
	"WaterFatShift": 4.83774,
	"EstimatedEffectiveEchoSpacing": 2.1663e-05,
	"EstimatedTotalReadoutTime": 0.0110698,
	"PixelBandwidth": 89.7569,
	"ImageOrientationPatientDICOM": [
		-0.0395474,
		0.999209,
		0.00406875,
		0.0524994,
		0.00614414,
		-0.998602	],
	"ConversionSoftware": "dcm2niix",
	"ConversionSoftwareVersion": "v1.0.20211006"
}
