{
	"Modality": "MR",
	"MagneticFieldStrength": 3,
	"ImagingFrequency": 127.712,
	"Manufacturer": "Philips",
	"ManufacturersModelName": "Achieva dStream",
	"InstitutionName": "IMAGERIE CHU GRENOBLE",
	"InstitutionalDepartmentName": "UMS IRMaGe",
	"InstitutionAddress": "Unite IRM 3T Recherche",
	"DeviceSerialNumber": "38235",
	"StationName": "IRMAGE-3T-1",
	"BodyPartExamined": "BRAIN",
	"PatientPosition": "HFS",
	"SoftwareVersions": "5.7.1\\5.7.1.2",
	"MRAcquisitionType": "3D",
	"SeriesDescription": "AX 256",
	"ProtocolName": "AX 256",
	"ScanningSequence": "GR",
	"SequenceVariant": "MP",
	"ScanOptions": "SP",
	"ImageType": ["DERIVED", "PRIMARY", "T1", "MAXIMUM"],
	"RawImage": false,
	"SeriesNumber": 304,
	"AcquisitionTime": "12:53:56.224000",
	"AcquisitionNumber": 3,
	"PhilipsRescaleSlope": 6.37607,
	"PhilipsRescaleIntercept": 0,
	"PhilipsScaleSlope": 0.0205829,
	"UsePhilipsFloatNotDisplayScaling": 1,
	"SliceThickness": 1,
	"SpacingBetweenSlices": 1,
	"EchoTime": 0.007343,
	"RepetitionTime": 0.0148158,
	"MTState": false,
	"SpoilingState": true,
	"SpoilingType": "COMBINED",
	"FlipAngle": 8,
	"CoilString": "MULTI COIL",
	"PercentPhaseFOV": 100,
	"PercentSampling": 78.5398,
	"EchoTrainLength": 155,
	"PhaseEncodingSteps": 155,
	"AcquisitionMatrixPE": 155,
	"ReconMatrixPE": 512,
	"ParallelAcquisitionTechnique": "SENSE",
	"ParallelReductionOutOfPlane": 2,
	"WaterFatShift": 4.83775,
	"EstimatedEffectiveEchoSpacing": 2.1663e-05,
	"EstimatedTotalReadoutTime": 0.0110698,
	"PixelBandwidth": 89.7569,
	"ImageOrientationPatientDICOM": [
		0.998536,
		0.00180519,
		0.054065,
		-0.000147779,
		0.99953,
		-0.0306443	],
	"ConversionSoftware": "dcm2niix",
	"ConversionSoftwareVersion": "v1.0.20211006"
}
