{
    "Manufacturer": "Bruker BioSpin MRI GmbH",
    "ManufacturersModelName": "BioSpec 47/40",
    "DeviceSerialNumber": "ST000306",
    "StationName": "BioSpec 47/40",
    "SoftwareVersions": "PV-7.0.0",
    "MagneticFieldStrength": 4.705159405343104,
    "ReceiveCoilName": "RF RES 200 1H 112/086 QSN TO AD",
    "ReceiveCoilActiveElements": "VOLUME_COIL",
    "GradientSetType": "ACQ_status",
    "MRTransmitCoilSequence": "RF RES 200 1H 112/086 QSN TO AD",
    "CoilConfigName": "ACQ_coil_config_file",
    "MatrixCoilMode": "SingleExperiment",
    "PulseSequenceType": "RARE.ppg",
    "ScanningSequence": "Bruker:RARE",
    "SequenceVariant": "Both",
    "ScanOptions": ["No", "No", "1", "1", "FlowNone", "Off", "FatSuppression"],
    "SequenceName": "T2_TurboRARE",
    "PulseSequenceDetails": "T2_TurboRARE (E6)",
    "NonlinearGradientCorrection": true,
    "NumberShots": 1,
    "ParallelReductionFactorInPlane": 8,
    "PartialFourier": 1,
    "PhaseEncodingDirection": "j",
    "EffectiveEchoSpacing": 4.333333333333332e-06,
    "TotalReadoutTime": 0.0005546666666666665,
    "EchoTime": 0.0221805467240792,
    "SliceTiming": [
        0.0,
        0.1486673313877389,
        0.2973346627754778,
        0.44600199416321673,
        0.5946693255509556,
        0.7433366569386946,
        0.8920039883264335,
        1.0406713197141724,
        1.1893386511019113,
        1.3380059824896502,
        1.486673313877389,
        1.635340645265128,
        1.784007976652867,
        1.9326753080406058,
        2.0813426394283447,
        2.2300099708160834,
        2.3786773022038226,
        2.5273446335915617,
        2.6760119649793004,
        2.824679296367039,
        2.973346627754778,
        3.1220139591425173,
        3.270681290530256,
        3.4193486219179947,
        3.568015953305734,
        3.716683284693473,
        3.8653506160812117,
        4.01401794746895,
        4.1626852788566895,
        4.311352610244429,
        4.460019941632167,
        4.608687273019906,
        4.757354604407645,
        4.906021935795384,
        5.054689267183123,
        5.203356598570862,
        5.352023929958601,
        5.50069126134634,
        5.649358592734078,
        5.798025924121817,
        5.946693255509556,
        6.0953605868972955,
        6.244027918285035,
        6.392695249672773,
        6.541362581060512,
        6.690029912448251,
        6.838697243835989,
        6.987364575223729,
        7.136031906611468,
        7.284699237999207,
        7.433366569386946,
        7.582033900774684,
        7.730701232162423,
        7.8793685635501625,
        8.0280358949379,
        8.17670322632564,
        8.325370557713379,
        8.474037889101117,
        8.622705220488857,
        8.771372551876595,
        8.920039883264334,
        9.068707214652074,
        9.217374546039812,
        9.366041877427552,
        0.07433366569386946,
        0.22300099708160837,
        0.3716683284693473,
        0.5203356598570862,
        0.6690029912448251,
        0.817670322632564,
        0.9663376540203029,
        1.1150049854080417,
        1.2636723167957808,
        1.4123396481835195,
        1.5610069795712587,
        1.7096743109589974,
        1.8583416423467365,
        2.007008973734475,
        2.1556763051222143,
        2.304343636509953,
        2.453010967897692,
        2.601678299285431,
        2.75034563067317,
        2.8990129620609086,
        3.0476802934486478,
        3.1963476248363865,
        3.3450149562241256,
        3.4936822876118643,
        3.6423496189996034,
        3.791016950387342,
        3.9396842817750812,
        4.08835161316282,
        4.237018944550559,
        4.385686275938298,
        4.534353607326037,
        4.683020938713776,
        4.831688270101514,
        4.980355601489253,
        5.1290229328769925,
        5.277690264264732,
        5.42635759565247,
        5.575024927040209,
        5.723692258427948,
        5.872359589815687,
        6.0210269212034255,
        6.169694252591165,
        6.318361583978904,
        6.467028915366643,
        6.615696246754381,
        6.76436357814212,
        6.913030909529859,
        7.061698240917599,
        7.210365572305337,
        7.359032903693076,
        7.507700235080815,
        7.656367566468554,
        7.8050348978562925,
        7.953702229244032,
        8.10236956063177,
        8.25103689201951,
        8.399704223407248,
        8.548371554794988,
        8.697038886182726,
        8.845706217570465,
        8.994373548958205,
        9.143040880345943,
        9.291708211733681,
        9.440375543121421
    ],
    "SliceEncodingDirection": "k",
    "DwellTime": 0.004437333333333332,
    "FlipAngle": 180,
    "InstitutionName": "IRMaGe",
    "InstitutionAddress": "Value was not specified",
    "InstitutionalDepartmentName": "Value was not specified"
}
